GIT
  remote: git://github.com/cogumm/cinch.git
  revision: 397d468fb7574a07f9008bfae1e12f736eeb9927
  specs:
    cinch (1.1.3)

GEM
  remote: http://rubygems.org/
  specs:
    nokogiri (1.5.0)
    rack (1.3.3)
    rake (0.9.2)
    sinatra (1.2.6)
      rack (~> 1.1)
      tilt (< 2.0, >= 1.2.2)
    tilt (1.3.3)

PLATFORMS
  ruby

DEPENDENCIES
  cinch!
  nokogiri
  rake (= 0.9.2)
  sinatra
