GEM
  remote: http://rubygems.org/
  specs:
    cinch (1.1.3)
    nokogiri (1.5.0)
    rack (1.3.3)
    rake (0.9.2)
    sinatra (1.2.6)
      rack (~> 1.1)
      tilt (>= 1.2.2, < 2.0)
    tilt (1.3.3)

PLATFORMS
  ruby

DEPENDENCIES
  cinch
  nokogiri
  rake (= 0.9.2)
  sinatra
