GEM
  remote: http://rubygems.org/
  specs:
    cinch (1.1.3)
    mini_portile2 (2.8.5)
    nokogiri (1.16.2)
      mini_portile2 (~> 2.8.2)
      racc (~> 1.4)
    racc (1.7.3)
    rack (1.6.13)
    rake (12.3.3)
    sinatra (1.2.6)
      rack (~> 1.1)
      tilt (>= 1.2.2, < 2.0)
    tilt (1.3.3)

PLATFORMS
  ruby

DEPENDENCIES
  cinch
  nokogiri
  rake (= 12.3.3)
  sinatra
